GEM
  remote: https://rubygems.org/
  specs:
    highline (2.1.0)
    net-scp (4.0.0)
      net-ssh (>= 2.6.5, < 8.0.0)
    net-ssh (7.2.0)

PLATFORMS
  x86_64-darwin-22
  x86_64-linux

DEPENDENCIES
  highline
  net-scp
  net-ssh

BUNDLED WITH
   2.4.19
